GEM
  remote: https://rubygems.org/
  specs:
    mqtt (0.4.0)

PLATFORMS
  ruby

DEPENDENCIES
  mqtt

BUNDLED WITH
   1.13.7
